GEM
  remote: https://rubygems.org/
  specs:
    addressable (2.7.0)
      public_suffix (>= 2.0.2, < 5.0)
    ast (2.4.1)
    babosa (1.0.3)
    bigdecimal (3.1.8)
    capybara (2.4.4)
      mime-types (>= 1.16)
      nokogiri (>= 1.3.3)
      rack (>= 1.0.0)
      rack-test (>= 0.5.4)
      xpath (~> 2.0)
    cliver (0.3.2)
    colored (1.2)
    commander (4.2.1)
      highline (~> 1.6.11)
    credentials_manager (0.2.1)
      colored
      highline
      security
    deliver (0.8.1)
      excon
      fastimage (~> 1.6.3)
      fastlane_core (>= 0.2.0)
      nokogiri (~> 1.6.5)
      plist (~> 3.1.0)
      prawn
      rubyzip (~> 1.1.6)
    excon (0.76.0)
    fastimage (1.6.8)
      addressable (~> 2.3, >= 2.3.5)
    fastlane (0.0.1)
      capybara (~> 2.4.3)
      colored
      commander (~> 4.2.0)
      deliver
      highline (~> 1.6.21)
      json
      poltergeist (~> 1.5.1)
      security (~> 0.1.3)
    fastlane_core (0.3.4)
      babosa
      capybara (~> 2.4.3)
      colored
      commander (>= 4.1.0)
      credentials_manager (>= 0.1.3)
      highline
      json
      multi_json
      phantomjs (~> 1.9.8)
      poltergeist (~> 1.5.1)
    highline (1.6.21)
    json (2.3.1)
    matrix (0.4.2)
    mime-types (3.5.2)
      mime-types-data (~> 3.2015)
    mime-types-data (3.2024.0507)
    mini_portile2 (2.1.0)
    multi_json (1.15.0)
    nokogiri (1.6.8.1)
      mini_portile2 (~> 2.1.0)
    parallel (1.19.2)
    parser (2.7.1.4)
      ast (~> 2.4.1)
    pdf-core (0.10.0)
    phantomjs (1.9.8.0)
    plist (3.1.0)
    poltergeist (1.5.1)
      capybara (~> 2.1)
      cliver (~> 0.3.1)
      multi_json (~> 1.0)
      websocket-driver (>= 0.2.0)
    prawn (2.5.0)
      matrix (~> 0.4)
      pdf-core (~> 0.10.0)
      ttfunk (~> 1.8)
    public_suffix (4.0.6)
    rack (3.0.11)
    rack-test (2.1.0)
      rack (>= 1.3)
    rainbow (3.0.0)
    regexp_parser (1.8.0)
    rexml (3.2.8)
      strscan (>= 3.0.9)
    rubocop (0.91.1)
      parallel (~> 1.10)
      parser (>= 2.7.1.1)
      rainbow (>= 2.2.2, < 4.0)
      regexp_parser (>= 1.7)
      rexml
      rubocop-ast (>= 0.4.0, < 1.0)
      ruby-progressbar (~> 1.7)
      unicode-display_width (>= 1.4.0, < 2.0)
    rubocop-ast (0.4.2)
      parser (>= 2.7.1.4)
    ruby-progressbar (1.10.1)
    rubyzip (1.1.7)
    security (0.1.3)
    strscan (3.1.0)
    ttfunk (1.8.0)
      bigdecimal (~> 3.1)
    unicode-display_width (1.7.0)
    websocket-driver (0.7.6)
      websocket-extensions (>= 0.1.0)
    websocket-extensions (0.1.5)
    xpath (2.1.0)
      nokogiri (~> 1.3)

PLATFORMS
  ruby

DEPENDENCIES
  fastlane
  rubocop

RUBY VERSION
   ruby 2.6.4p104

BUNDLED WITH
   2.1.4
